GEM
  remote: http://rubygems.org/
  specs:
    connection_pool (2.2.3)
    httparty (0.18.1)
      mime-types (~> 3.0)
      multi_xml (>= 0.5.2)
    mime-types (3.3.1)
      mime-types-data (~> 3.2015)
    mime-types-data (3.2020.1104)
    mini_portile2 (2.1.0)
    multi_xml (0.6.0)
    nokogiri (1.6.8)
      mini_portile2 (~> 2.1.0)
      pkg-config (~> 1.1.7)
    pkg-config (1.1.9)
    rack (2.2.3)
    redis (4.2.5)
    sidekiq (6.1.3)
      connection_pool (>= 2.2.2)
      rack (~> 2.0)
      redis (>= 4.2.0)

PLATFORMS
  ruby

DEPENDENCIES
  httparty (= 0.18.1)
  nokogiri (= 1.6.8)
  sidekiq (= 6.1.3)

BUNDLED WITH
   1.17.3
